GEM
  remote: https://rubygems.org/
  specs:
    artii (2.1.2)
    net-ping (2.0.8)
    pastel (0.8.0)
      tty-color (~> 0.5)
    terminal-table (3.0.2)
      unicode-display_width (>= 1.1.1, < 3)
    tty (0.1.0)
    tty-color (0.6.0)
    tty-cursor (0.7.1)
    tty-prompt (0.23.1)
      pastel (~> 0.8)
      tty-reader (~> 0.8)
    tty-reader (0.9.0)
      tty-cursor (~> 0.7)
      tty-screen (~> 0.8)
      wisper (~> 2.0)
    tty-screen (0.8.1)
    tty-spinner (0.9.3)
      tty-cursor (~> 0.7)
    unicode-display_width (2.1.0)
    wisper (2.0.1)

PLATFORMS
  ruby

DEPENDENCIES
  artii
  net-ping
  terminal-table
  tty
  tty-prompt
  tty-spinner

BUNDLED WITH
   2.1.4
